GIT
  remote: https://github.com/retorquere/Sheldon.git
  revision: 369de5f2d5a32b33bcd733b1201a04b341070481
  branch: travis
  specs:
    sheldon (0.1.15)
      citeproc-ruby
      csl-styles
      diffy
      dotenv
      octokit
      ostruct
      reverse_markdown

GEM
  remote: https://rubygems.org/
  specs:
    addressable (2.6.0)
      public_suffix (>= 2.0.2, < 4.0)
    citeproc (1.0.9)
      namae (~> 1.0)
    citeproc-ruby (1.1.10)
      citeproc (~> 1.0, >= 1.0.9)
      csl (~> 1.5)
    csl (1.5.0)
      namae (~> 1.0)
    csl-styles (1.0.1.9)
      csl (~> 1.0)
    diff-lcs (1.3)
    diffy (3.3.0)
    dotenv (2.7.2)
    faraday (0.15.4)
      multipart-post (>= 1.2, < 3)
    fuubar (2.3.2)
      rspec-core (~> 3.0)
      ruby-progressbar (~> 1.4)
    mini_portile2 (2.4.0)
    multipart-post (2.1.1)
    namae (1.0.1)
    nokogiri (1.10.3)
      mini_portile2 (~> 2.4.0)
    nokogiri (1.10.3-x64-mingw32)
      mini_portile2 (~> 2.4.0)
    nokogiri (1.10.3-x86-mingw32)
      mini_portile2 (~> 2.4.0)
    octokit (4.14.0)
      sawyer (~> 0.8.0, >= 0.5.3)
    ostruct (0.1.0)
    public_suffix (3.1.0)
    rake (12.3.2)
    reverse_markdown (1.1.0)
      nokogiri
    rspec (3.8.0)
      rspec-core (~> 3.8.0)
      rspec-expectations (~> 3.8.0)
      rspec-mocks (~> 3.8.0)
    rspec-core (3.8.0)
      rspec-support (~> 3.8.0)
    rspec-expectations (3.8.3)
      diff-lcs (>= 1.2.0, < 2.0)
      rspec-support (~> 3.8.0)
    rspec-mocks (3.8.0)
      diff-lcs (>= 1.2.0, < 2.0)
      rspec-support (~> 3.8.0)
    rspec-support (3.8.0)
    ruby-progressbar (1.10.1)
    sawyer (0.8.2)
      addressable (>= 2.3.5)
      faraday (> 0.8, < 2.0)

PLATFORMS
  ruby
  x64-mingw32
  x86-mingw32

DEPENDENCIES
  csl (~> 1.1)
  fuubar
  nokogiri
  rake
  rspec
  sheldon!

BUNDLED WITH
   2.0.1
